GIT
  remote: https://github.com/everypolitician/everypoliticianbot.git
  revision: d1bca901160475aa6703b25a87f45a34db25a5b8
  specs:
    everypoliticianbot (0.1.0)
      git (~> 1.2)
      octokit (~> 4.1)

GEM
  remote: https://rubygems.org/
  specs:
    activesupport (4.2.4)
      i18n (~> 0.7)
      json (~> 1.7, >= 1.7.7)
      minitest (~> 5.1)
      thread_safe (~> 0.3, >= 0.3.4)
      tzinfo (~> 1.1)
    addressable (2.5.0)
      public_suffix (~> 2.0, >= 2.0.2)
    coderay (1.1.0)
    connection_pool (2.2.5)
    dotenv (2.0.2)
    faraday (0.10.0)
      multipart-post (>= 1.2, < 3)
    git (1.3.0)
    i18n (0.7.0)
    json (1.8.6)
    method_source (0.8.2)
    minitest (5.8.1)
    multipart-post (2.0.0)
    octokit (4.6.2)
      sawyer (~> 0.8.0, >= 0.5.3)
    pry (0.10.3)
      coderay (~> 1.1.0)
      method_source (~> 0.8.1)
      slop (~> 3.4)
    public_suffix (2.0.4)
    puma (2.14.0)
    rack (1.6.4)
    rack-protection (1.5.3)
      rack
    redis (4.1.1)
    sawyer (0.8.1)
      addressable (>= 2.3.5, < 2.6)
      faraday (~> 0.8, < 1.0)
    sidekiq (5.2.8)
      connection_pool (~> 2.2, >= 2.2.2)
      rack (< 2.1.0)
      rack-protection (>= 1.5.0)
      redis (>= 3.3.5, < 5)
    sinatra (1.4.6)
      rack (~> 1.4)
      rack-protection (~> 1.4)
      tilt (>= 1.3, < 3)
    slop (3.6.0)
    thread_safe (0.3.5)
    tilt (2.0.1)
    tzinfo (1.2.2)
      thread_safe (~> 0.1)

PLATFORMS
  ruby

DEPENDENCIES
  activesupport
  dotenv
  everypoliticianbot!
  pry
  puma
  sidekiq
  sinatra

RUBY VERSION
   ruby 2.2.3p173

BUNDLED WITH
   1.13.1
